GEM
  remote: http://rubygems.org/
  specs:
    activesupport (3.2.13)
      i18n (= 0.6.1)
      multi_json (~> 1.0)
    aws-sdk (1.8.0)
      httparty (~> 0.7)
      json (~> 1.4)
      nokogiri (>= 1.4.4)
      uuidtools (~> 2.1)
    diff-lcs (1.1.3)
    git (1.2.5)
    hashie (2.0.5)
    httparty (0.9.0)
      multi_json (~> 1.0)
      multi_xml
    i18n (0.6.1)
    jeweler (1.8.4)
      bundler (~> 1.0)
      git (>= 1.2.5)
      rake
      rdoc
    json (1.7.6)
    macaddr (1.6.1)
      systemu (~> 2.5.0)
    multi_json (1.5.0)
    multi_xml (0.5.1)
    nokogiri (1.5.5)
    rake (10.0.3)
    rcov (1.0.0)
    rdoc (3.12)
      json (~> 1.4)
    rspec (2.12.0)
      rspec-core (~> 2.12.0)
      rspec-expectations (~> 2.12.0)
      rspec-mocks (~> 2.12.0)
    rspec-core (2.12.2)
    rspec-expectations (2.12.1)
      diff-lcs (~> 1.1.3)
    rspec-mocks (2.12.1)
    simplecov (0.7.1)
      multi_json (~> 1.0)
      simplecov-html (~> 0.7.1)
    simplecov-html (0.7.1)
    systemu (2.5.2)
    uuid (2.3.6)
      macaddr (~> 1.0)
    uuidtools (2.1.3)

PLATFORMS
  ruby

DEPENDENCIES
  activesupport (~> 3.2)
  aws-sdk (~> 1.8)
  bundler (~> 1.2)
  hashie (~> 2.0)
  jeweler (~> 1.8.4)
  rcov
  rdoc (~> 3.12)
  rspec (~> 2.11)
  simplecov
  uuid (~> 2.3)
